GEM
  specs:
    thread_safe (0.3.5)
    tzinfo (1.2.2)
      thread_safe (~> 0.1)

PLATFORMS
  ruby

DEPENDENCIES
  tzinfo
  tzinfo-data

BUNDLED WITH
   1.13.6
